GEM
  remote: http://rubygems.org/
  specs:
    actionmailer (2.3.8)
      actionpack (= 2.3.8)
    actionpack (2.3.8)
      activesupport (= 2.3.8)
      rack (~> 1.1.0)
    activerecord (2.3.8)
      activesupport (= 2.3.8)
    activeresource (2.3.8)
      activesupport (= 2.3.8)
    activesupport (2.3.8)
    bson (1.3.0)
    days_and_times (1.0.2)
    jnunemaker-validatable (1.8.4)
      activesupport (>= 2.3.4)
    mongo (1.3.0)
      bson (>= 1.3.0)
    mongo_mapper (0.8.4)
      activesupport (>= 2.3.4)
      jnunemaker-validatable (~> 1.8.4)
      plucky (~> 0.3.5)
    plucky (0.3.8)
      mongo (~> 1.3)
    rack (1.1.0)
    rails (2.3.8)
      actionmailer (= 2.3.8)
      actionpack (= 2.3.8)
      activerecord (= 2.3.8)
      activeresource (= 2.3.8)
      activesupport (= 2.3.8)
      rake (>= 0.8.3)
    rake (0.8.7)
    sqlite3-ruby (1.3.1)
    state_machine (0.9.2)

PLATFORMS
  ruby

DEPENDENCIES
  days_and_times (= 1.0.2)
  mongo_mapper (= 0.8.4)
  rails (= 2.3.8)
  sqlite3-ruby
  state_machine (= 0.9.2)
